GIT
  remote: git://github.com/Tekphonik/google_calendar.git
  revision: 5b351063d9d0c6a320d52ba4872293e71dc751ea
  specs:
    google_calendar (0.4.4)
      json (~> 1.8)
      signet (~> 0.6)

GIT
  remote: git://github.com/ayamomiji/globalize-accessors.git
  revision: a1ba7c7950ad4b1d8706e1df7d841b69bc03ef88
  branch: v015-dirty-checking
  specs:
    globalize-accessors (0.1.5)
      globalize (>= 3)

GIT
  remote: git://github.com/commandp/capistrano-opsworks.git
  revision: 69fa23353492b7c3f60c123cc36b38446986c84d
  specs:
    capistrano-ops_works (0.0.3)
      aws

GIT
  remote: git://github.com/commandp/carrierwave-meta.git
  revision: 7faf47ffca8cc3fd67568da91b66fc1027b66400
  specs:
    carrierwave-meta (0.0.5)
      activesupport (>= 3.0)
      carrierwave (>= 0.5.7)

GIT
  remote: git://github.com/commandp/carrierwave-qiniu.git
  revision: 86202b95b7500ede5bdc61bda6c4f9d0e77da517
  specs:
    carrierwave-qiniu (0.2.4)
      carrierwave
      qiniu (~> 6.8.0)

GIT
  remote: git://github.com/commandp/china_sms.git
  revision: 5d03d0e01409acd727a8c39146872739f89f204b
  specs:
    china_sms (0.0.7)

GIT
  remote: git://github.com/commandp/igetui-ruby.git
  revision: 1a010a847e6d4d4459c6b66549f8e09ee3ea7553
  specs:
    igetui-ruby (1.2.2)
      json (~> 1.8, >= 1.8.1)
      ruby-protocol-buffers (~> 1.5, >= 1.5.1)

GIT
  remote: git://github.com/commandp/impressionist.git
  revision: 9a260e7be675c0f43eab5b0a05bbe95d18d28261
  specs:
    impressionist (1.5.1)
      httpclient (~> 2.2)
      nokogiri (~> 1.5)

GIT
  remote: git://github.com/dapic/omniauth-qq-oauth2.git
  revision: eff18ad4710969cb1afa659b32cc655abac2d9aa
  specs:
    omniauth-qq-oauth2 (0.4.0)

GIT
  remote: git://github.com/doorkeeper-gem/doorkeeper-grants_assertion.git
  revision: 94b1e6345e63cb380a0185436f62f42a2d340491
  specs:
    doorkeeper-grants_assertion (0.0.1)
      doorkeeper (>= 4.0)
      railties (>= 3.1)

GIT
  remote: git://github.com/elasticsearch/elasticsearch-rails.git
  revision: 5f32e484a6d0458f26dc9acfa9dd5fed4e5d6453
  specs:
    elasticsearch-model (0.1.8)
      activesupport (> 3)
      elasticsearch (> 0.4)
      hashie
    elasticsearch-rails (0.1.8)

GIT
  remote: git://github.com/elasticsearch/elasticsearch-ruby.git
  revision: ad95da5ad79a111733e7c2e2dd50834336112a96
  specs:
    elasticsearch (1.0.14)
      elasticsearch-api (= 1.0.14)
      elasticsearch-transport (= 1.0.14)
    elasticsearch-api (1.0.14)
      multi_json
    elasticsearch-extensions (0.0.19)
      ansi
      ruby-prof
    elasticsearch-transport (1.0.14)
      faraday
      multi_json

GIT
  remote: git://github.com/jumph4x/canonical-rails.git
  revision: 526dae574490e2389ee6d1ce9fd69f243a0e82e0
  specs:
    canonical-rails (0.0.11)
      rails (>= 3.1, < 5.0)

GIT
  remote: git://github.com/nietu/i18n-js.git
  revision: a9003c0b66c4b04bbb6a01d1b8797c178a863023
  specs:
    i18n-js (3.0.0.rc9)
      i18n (~> 0.6)

GIT
  remote: git://github.com/nilbus/select2-rails.git
  revision: 699d34ca50d1063e95dbb6a8e538ebdaf4d6d1aa
  branch: v4
  specs:
    select2-rails (4.0.0)
      thor (~> 0.14)

GIT
  remote: git://github.com/rubysherpas/paranoia.git
  revision: bd3383729c790bf09e488f84221eaaea27c6597e
  branch: rails4
  specs:
    paranoia (2.2.0.alpha)
      activerecord (>= 4.0, < 5.1)

GIT
  remote: git://github.com/run26kimo/carmen.git
  revision: d9fdd2147959bda03fa026ac4cf2f0d55832ef3c
  specs:
    carmen (1.0.1)
      activesupport (>= 3.0.0)

GIT
  remote: git://github.com/run26kimo/mailgun.git
  revision: 2be8ef5565581892e6b58cb9b2b3a6bf3bb2534e
  specs:
    mailgun (0.8)
      rest-client

GIT
  remote: git://github.com/sporkrb/spork-rails.git
  revision: 0dd45e59d3237b4c8f9efc215b46d9c07072a95e
  specs:
    spork-rails (4.0.0)
      rails (>= 3.0.0, < 5)
      spork (>= 1.0rc0)

GIT
  remote: git://github.com/svenfuchs/i18n-active_record.git
  revision: b26c2e62e32df2f3b9ae42083647725b7ecfdff0
  specs:
    i18n-active_record (0.0.2)
      i18n (>= 0.5.0)

GIT
  remote: git://github.com/swanandp/acts_as_list.git
  revision: 0a4ad6b22bc601443f98bd7b9a9445d4fe26b749
  specs:
    acts_as_list (0.7.2)
      activerecord (>= 3.0)

GIT
  remote: git://github.com/werein/x-editable-rails.git
  revision: ba17258a3e25a87f7880bb3f297f1e2e29df8271
  specs:
    x-editable-rails (1.5.5)
      railties

GIT
  remote: git@bitbucket.org:commandp/commandp-resources.git
  revision: 3fdd665a366cf9e1464bbdbe90451d024c50161c
  tag: v12
  specs:
    commandp-resources (0.0.1)
      rails

GEM
  remote: https://rubygems.org/
  remote: https://rails-assets.org/
  specs:
    aasm (4.4.1)
    actionmailer (4.2.7.1)
      actionpack (= 4.2.7.1)
      actionview (= 4.2.7.1)
      activejob (= 4.2.7.1)
      mail (~> 2.5, >= 2.5.4)
      rails-dom-testing (~> 1.0, >= 1.0.5)
    actionpack (4.2.7.1)
      actionview (= 4.2.7.1)
      activesupport (= 4.2.7.1)
      rack (~> 1.6)
      rack-test (~> 0.6.2)
      rails-dom-testing (~> 1.0, >= 1.0.5)
      rails-html-sanitizer (~> 1.0, >= 1.0.2)
    actionview (4.2.7.1)
      activesupport (= 4.2.7.1)
      builder (~> 3.1)
      erubis (~> 2.7.0)
      rails-dom-testing (~> 1.0, >= 1.0.5)
      rails-html-sanitizer (~> 1.0, >= 1.0.2)
    active_model_serializers (0.8.3)
      activemodel (>= 3.0)
    active_type (0.5.0)
      activerecord (>= 3.2)
    activejob (4.2.7.1)
      activesupport (= 4.2.7.1)
      globalid (>= 0.3.0)
    activemodel (4.2.7.1)
      activesupport (= 4.2.7.1)
      builder (~> 3.1)
    activerecord (4.2.7.1)
      activemodel (= 4.2.7.1)
      activesupport (= 4.2.7.1)
      arel (~> 6.0)
    activesupport (4.2.7.1)
      i18n (~> 0.7)
      json (~> 1.7, >= 1.7.7)
      minitest (~> 5.1)
      thread_safe (~> 0.3, >= 0.3.4)
      tzinfo (~> 1.1)
    activesupport-json_encoder (1.1.0)
      activesupport (>= 4.1.0, < 5.0)
    addressable (2.4.0)
    annotate (2.6.10)
      activerecord (>= 3.2, <= 4.3)
      rake (~> 10.4)
    ansi (1.5.0)
    ar-octopus (0.8.5)
      activerecord (>= 3.2.0)
      activesupport (>= 3.2.0)
    arel (6.0.3)
    ast (2.2.0)
    awesome_print (1.7.0)
    aws (2.10.2)
      http_connection
      uuidtools
      xml-simple
    aws-sdk (1.66.0)
      aws-sdk-v1 (= 1.66.0)
    aws-sdk-v1 (1.66.0)
      json (~> 1.4)
      nokogiri (>= 1.4.4)
    axiom-types (0.1.1)
      descendants_tracker (~> 0.0.4)
      ice_nine (~> 0.11.0)
      thread_safe (~> 0.3, >= 0.3.1)
    axlsx (1.3.6)
      htmlentities (~> 4.3.1)
      nokogiri (>= 1.4.1)
      rubyzip (>= 0.9.5)
    barby (0.6.2)
    bcrypt (3.1.11)
    better_errors (2.1.1)
      coderay (>= 1.0.0)
      erubis (>= 2.6.6)
      rack (>= 0.9.0)
    binding_of_caller (0.7.2)
      debug_inspector (>= 0.0.1)
    bitmask_attributes (1.0.0)
      activerecord (>= 3.1)
    blankslate (3.1.3)
    bootstrap-sass (3.1.1.1)
      sass (~> 3.2)
    browser (0.7.2)
    builder (3.2.2)
    bullet (5.0.0)
      activesupport (>= 3.0.0)
      uniform_notifier (~> 1.9.0)
    by_star (2.2.1)
      activesupport
    c3-rails (0.4.11)
    cached_key_value_store (0.1.0)
      activesupport
    capistrano (3.3.5)
      capistrano-stats (~> 1.1.0)
      i18n
      rake (>= 10.0.0)
      sshkit (~> 1.3)
    capistrano-bundler (1.1.3)
      capistrano (~> 3.1)
      sshkit (~> 1.2)
    capistrano-rails (1.1.2)
      capistrano (~> 3.1)
      capistrano-bundler (~> 1.1)
    capistrano-rvm (0.1.2)
      capistrano (~> 3.0)
      sshkit (~> 1.2)
    capistrano-sidekiq (0.4.0)
      capistrano
      sidekiq
    capistrano-stats (1.1.1)
    capybara (2.5.0)
      mime-types (>= 1.16)
      nokogiri (>= 1.3.3)
      rack (>= 1.0.0)
      rack-test (>= 0.5.4)
      xpath (~> 2.0)
    carrierwave (0.11.2)
      activemodel (>= 3.2.0)
      activesupport (>= 3.2.0)
      json (>= 1.7)
      mime-types (>= 1.16)
      mimemagic (>= 0.3.0)
    carrierwave-aws (0.7.1)
      aws-sdk (~> 1.58)
      carrierwave (~> 0.7)
    carrierwave-imageoptimizer (1.2.1)
      carrierwave (~> 0.8)
      image_optimizer (~> 1.2)
    carrierwave-processing (1.0.0)
      carrierwave
    carrierwave-serializable (0.0.6)
      carrierwave
    carrierwave_backgrounder (0.4.2)
      carrierwave (~> 0.5)
    cause (0.1)
    cells (3.11.3)
      actionpack (>= 3.0)
      railties (>= 3.0)
      uber (~> 0.0.8)
    celluloid (0.17.3)
      celluloid-essentials
      celluloid-extras
      celluloid-fsm
      celluloid-pool
      celluloid-supervision
      timers (>= 4.1.1)
    celluloid-essentials (0.20.5)
      timers (>= 4.1.1)
    celluloid-extras (0.20.5)
      timers (>= 4.1.1)
    celluloid-fsm (0.20.5)
      timers (>= 4.1.1)
    celluloid-pool (0.20.5)
      timers (>= 4.1.1)
    celluloid-supervision (0.20.6)
      timers (>= 4.1.1)
    certified (1.0.0)
    chronic (0.10.2)
    chunky_png (1.3.4)
    cliver (0.3.2)
    codeclimate-test-reporter (0.3.0)
      simplecov (>= 0.7.1, < 1.0.0)
    coderay (1.1.0)
    coercible (1.0.0)
      descendants_tracker (~> 0.0.1)
    coffee-rails (4.0.1)
      coffee-script (>= 2.2.0)
      railties (>= 4.0.0, < 5.0)
    coffee-react (2.1.0)
      execjs
    coffee-script (2.4.1)
      coffee-script-source
      execjs
    coffee-script-source (1.10.0)
    colorize (0.7.7)
    combine_pdf (0.2.15)
      ruby-rc4 (>= 0.1.5)
    compass (0.12.7)
      chunky_png (~> 1.2)
      fssm (>= 0.2.7)
      sass (~> 3.2.19)
    compass-960-plugin (0.10.4)
      compass (>= 0.10.0)
    compass-rails (2.0.0)
      compass (>= 0.12.2)
    concurrent-ruby (1.0.2)
    connection_pool (2.2.0)
    countries (0.11.3)
      currencies (~> 0.4.2)
      i18n_data (~> 0.6.0)
    crack (0.4.3)
      safe_yaml (~> 1.0.0)
    css_parser (1.3.7)
      addressable
    currencies (0.4.2)
    d3-rails (3.5.17)
      railties (>= 3.1)
    dante (0.2.0)
    database_cleaner (1.5.1)
    debug_inspector (0.0.2)
    decent_exposure (2.3.2)
    descendants_tracker (0.0.4)
      thread_safe (~> 0.3, >= 0.3.1)
    devise (3.5.10)
      bcrypt (~> 3.0)
      orm_adapter (~> 0.1)
      railties (>= 3.2.6, < 5)
      responders
      thread_safe (~> 0.1)
      warden (~> 1.2.3)
    devise-async (0.10.2)
      devise (>= 3.2, < 4.0)
    diff-lcs (1.2.5)
    docile (1.1.5)
    domain_name (0.5.20160826)
      unf (>= 0.0.5, < 1.0.0)
    doorkeeper (4.2.0)
      railties (>= 4.2)
    draper (1.4.0)
      actionpack (>= 3.0)
      activemodel (>= 3.0)
      activesupport (>= 3.0)
      request_store (~> 1.0)
    dropbox-api (0.4.7)
      hashie (~> 3.4.0)
      multi_json (~> 1.10)
      oauth (~> 0.4.7)
    email_validator (1.6.0)
      activemodel
    equalizer (0.0.11)
    erubis (2.7.0)
    execjs (2.7.0)
    factory_girl (4.5.0)
      activesupport (>= 3.0.0)
    factory_girl_rails (4.5.0)
      factory_girl (~> 4.5.0)
      railties (>= 3.0.0)
    fancybox2-rails (0.2.8)
      railties (>= 3.1.0, < 5.0)
    faraday (0.9.2)
      multipart-post (>= 1.2, < 3)
    ffaker (1.24.0)
    font-awesome-rails (4.6.3.1)
      railties (>= 3.2, < 5.1)
    foreman (0.78.0)
      thor (~> 0.19.1)
    friendly_id (5.1.0)
      activerecord (>= 4.0.0)
    fssm (0.2.10)
    geocoder (1.2.12)
    geoip (1.4.0)
    given_core (3.7.1)
      sorcerer (>= 0.3.7)
    globalid (0.3.7)
      activesupport (>= 4.1.0)
    globalize (5.0.1)
      activemodel (>= 4.2.0, < 4.3)
      activerecord (>= 4.2.0, < 4.3)
    gon (6.1.0)
      actionpack (>= 3.0)
      json
      multi_json
      request_store (>= 1.0)
    gretel (3.0.8)
      rails (>= 3.2.0)
    gyoku (1.3.1)
      builder (>= 2.1.2)
    hash-deep-merge (0.1.1)
    hashdiff (0.3.0)
    hashie (3.4.4)
    hashie-forbidden_attributes (0.1.1)
      hashie (>= 3.0)
    hike (1.2.3)
    hirb (0.7.3)
    hirb-unicode (0.0.5)
      hirb (~> 0.5)
      unicode-display_width (~> 0.1.1)
    hitimes (1.2.4)
    htmlentities (4.3.4)
    http-cookie (1.0.2)
      domain_name (~> 0.5)
    http_accept_language (2.0.5)
    http_connection (1.4.4)
    httparty (0.13.7)
      json (~> 1.8)
      multi_xml (>= 0.5.2)
    httpclient (2.5.3.3)
    i18n (0.7.0)
    i18n_data (0.6.0)
    ice_nine (0.11.1)
    iconv (1.0.4)
    image_optimizer (1.3.0)
    inflection (1.0.0)
    influxdb (0.2.3)
      cause
      json
    jbuilder (2.3.2)
      activesupport (>= 3.0.0, < 5)
      multi_json (~> 1.2)
    jcrop-rails-v2 (0.9.12.3)
    jimson-temp (0.9.5)
      blankslate (>= 3.1.2)
      multi_json (~> 1.0)
      rack (~> 1.4)
      rest-client (~> 1.0)
    jquery-minicolors-rails (2.1.4.0)
      jquery-rails
      rails (>= 3.2.8)
    jquery-rails (3.1.4)
      railties (>= 3.0, < 5.0)
      thor (>= 0.14, < 2.0)
    jquery-turbolinks (2.0.2)
      railties (>= 3.1.0)
      turbolinks
    jquery-ui-rails (5.0.0)
      railties (>= 3.2.16)
    jquery-validation-rails (1.12.0)
      railties (>= 3.2, < 5.0)
      thor (~> 0.14)
    jquery.fileupload-rails (1.11.0)
      jquery-ui-rails (~> 5.0)
      railties (>= 3.1)
    json (1.8.3)
    judge (2.0.4)
      rails (>= 3.1)
    jwt (1.5.4)
    kgio (2.9.2)
    koala (2.3.0)
      addressable
      faraday
      multi_json
    launchy (2.4.3)
      addressable (~> 2.3)
    lazy_high_charts (1.5.4)
      bundler (>= 1.0)
      hash-deep-merge
    lazyload-rails (0.3.1)
      nokogiri (~> 1.5)
    letter_opener (1.4.1)
      launchy (~> 2.2)
    lograge (0.3.4)
      actionpack (>= 3)
      activesupport (>= 3)
      railties (>= 3)
    logstash-event (1.2.02)
    logstash-logger (0.19.2)
      logstash-event (~> 1.2)
    loofah (2.0.3)
      nokogiri (>= 1.5.9)
    magnific-popup-rails (0.9.9.1)
    mail (2.6.4)
      mime-types (>= 1.16, < 4)
    mailgun_rails (0.8.0)
      actionmailer (>= 3.2.13)
      json (>= 1.7.7)
      rest-client (>= 1.6.7)
    meta-tags (2.0.0)
      actionpack (>= 3.0.0)
    method_source (0.8.2)
    middleware (0.1.0)
    mime-types (2.99.2)
    mimemagic (0.3.2)
    mini_magick (4.3.3)
    mini_portile2 (2.1.0)
    minitest (5.9.0)
    monads (0.0.1)
    multi_json (1.12.1)
    multi_xml (0.5.5)
    multipart-post (2.0.0)
    nested_form_fields (0.7.2)
      coffee-rails (>= 3.2.1)
      jquery-rails
      rails (>= 3.2.0)
    net-scp (1.2.1)
      net-ssh (>= 2.6.5)
    net-sftp (2.1.2)
      net-ssh (>= 2.6.5)
    net-ssh (3.0.1)
    netrc (0.11.0)
    newrelic_rpm (3.12.1.298)
    nokogiri (1.6.8)
      mini_portile2 (~> 2.1.0)
      pkg-config (~> 1.1.7)
    oauth (0.4.7)
    oauth2 (1.2.0)
      faraday (>= 0.8, < 0.10)
      jwt (~> 1.0)
      multi_json (~> 1.3)
      multi_xml (~> 0.5)
      rack (>= 1.2, < 3)
    omniauth (1.3.1)
      hashie (>= 1.2, < 4)
      rack (>= 1.0, < 3)
    omniauth-facebook (4.0.0)
      omniauth-oauth2 (~> 1.2)
    omniauth-google-oauth2 (0.4.1)
      jwt (~> 1.5.2)
      multi_json (~> 1.3)
      omniauth (>= 1.1.1)
      omniauth-oauth2 (>= 1.3.1)
    omniauth-oauth (1.1.0)
      oauth
      omniauth (~> 1.0)
    omniauth-oauth2 (1.4.0)
      oauth2 (~> 1.0)
      omniauth (~> 1.2)
    omniauth-twitter (1.2.1)
      json (~> 1.3)
      omniauth-oauth (~> 1.1)
    omniauth-weibo-oauth2 (0.4.1)
      omniauth (~> 1.0)
      omniauth-oauth2 (~> 1.0)
    orm_adapter (0.5.0)
    paper_trail (4.0.0)
      activerecord (>= 3.0, < 6.0)
      activesupport (>= 3.0, < 6.0)
      request_store (~> 1.1)
    parser (2.3.0.6)
      ast (~> 2.2)
    paypal-sdk-core (0.3.0)
      multi_json (~> 1.0)
      xml-simple
    paypal-sdk-rest (0.7.0)
      paypal-sdk-core (~> 0.3.0)
      uuidtools (~> 2.1)
    pdf-core (0.6.0)
    pg (0.18.4)
    pghero (0.1.3)
      activerecord
      pg
    pingpp (2.0.8)
      json (~> 1.8, >= 1.8.1)
      mime-types (>= 1.25, < 3.0)
      rest-client (~> 1.4)
    pkg-config (1.1.7)
    pluginator (1.3.0)
    poltergeist (1.7.0)
      capybara (~> 2.1)
      cliver (~> 0.3.1)
      multi_json (~> 1.0)
      websocket-driver (>= 0.2.0)
    polyamorous (1.3.1)
      activerecord (>= 3.0)
    poseidon (0.0.5)
    powerpack (0.1.1)
    prawn (2.0.2)
      pdf-core (~> 0.6.0)
      ttfunk (~> 1.4.0)
    pre-commit (0.26.0)
      pluginator (~> 1.1)
    premailer (1.8.6)
      css_parser (>= 1.3.6)
      htmlentities (>= 4.0.0)
    premailer-rails (1.8.2)
      actionmailer (>= 3, < 5)
      premailer (~> 1.7, >= 1.7.9)
    protobuf (3.6.9)
      activesupport (>= 3.2)
      middleware
      thor
      thread_safe
    pry (0.10.3)
      coderay (~> 1.1.0)
      method_source (~> 0.8.1)
      slop (~> 3.4)
    pry-nav (0.2.4)
      pry (>= 0.9.10, < 0.11.0)
    pry-rails (0.3.4)
      pry (>= 0.9.10)
    pry-remote (0.1.8)
      pry (~> 0.9)
      slop (~> 3.0)
    pundit (0.3.0)
      activesupport (>= 3.0.0)
    qiniu (6.8.0)
      json (~> 1.8)
      mime-types (>= 2.4.0)
      rest-client (~> 1.8.0)
      ruby-hmac (~> 0.4)
    quiet_assets (1.1.0)
      railties (>= 3.1, < 5.0)
    rack (1.6.4)
    rack-cors (0.4.0)
    rack-protection (1.5.3)
      rack
    rack-test (0.6.3)
      rack (>= 1.0)
    rails (4.2.7.1)
      actionmailer (= 4.2.7.1)
      actionpack (= 4.2.7.1)
      actionview (= 4.2.7.1)
      activejob (= 4.2.7.1)
      activemodel (= 4.2.7.1)
      activerecord (= 4.2.7.1)
      activesupport (= 4.2.7.1)
      bundler (>= 1.3.0, < 2.0)
      railties (= 4.2.7.1)
      sprockets-rails
    rails-assets-eventEmitter (4.2.11)
    rails-assets-flux (2.0.2)
    rails-assets-fluxxor (1.5.2)
    rails-assets-humps (0.5.0)
    rails-assets-immutable (3.5.0)
    rails-assets-jquery (1.7.2)
    rails-assets-jquery.treeview (1.4.1)
      rails-assets-jquery (< 1.8)
    rails-deprecated_sanitizer (1.0.3)
      activesupport (>= 4.2.0.alpha)
    rails-dom-testing (1.0.7)
      activesupport (>= 4.2.0.beta, < 5.0)
      nokogiri (~> 1.6.0)
      rails-deprecated_sanitizer (>= 1.0.1)
    rails-env-favicon (0.0.5)
      railties (>= 3.1)
      tinycon-rails
    rails-html-sanitizer (1.0.3)
      loofah (~> 2.0)
    rails-i18n (4.0.8)
      i18n (~> 0.7)
      railties (~> 4.0)
    rails_autolink (1.1.6)
      rails (> 3.1)
    rails_email_preview (0.2.31)
      rails (>= 3.2)
      request_store
      sass-rails
      slim-rails
      turbolinks
    railties (4.2.7.1)
      actionpack (= 4.2.7.1)
      activesupport (= 4.2.7.1)
      rake (>= 0.8.7)
      thor (>= 0.18.1, < 2.0)
    rainbow (2.1.0)
    raindrops (0.13.0)
    rake (10.5.0)
    ransack (1.8.2)
      actionpack (>= 3.0)
      activerecord (>= 3.0)
      activesupport (>= 3.0)
      i18n
      polyamorous (~> 1.3)
    rb-fsevent (0.9.4)
    react-rails (1.0.0)
      coffee-script-source (~> 1.8)
      connection_pool
      execjs
      rails (>= 3.1)
      react-source (~> 0.13)
    react-source (0.13.1)
    redis (3.3.1)
    redis-actionpack (4.0.0)
      actionpack (~> 4)
      redis-rack (~> 1.5.0)
      redis-store (~> 1.1.0)
    redis-activesupport (4.0.0)
      activesupport (~> 4)
      redis-store (~> 1.1.0)
    redis-namespace (1.5.2)
      redis (~> 3.0, >= 3.0.4)
    redis-objects (1.2.1)
      redis (>= 3.0.2)
    redis-rack (1.5.0)
      rack (~> 1.5)
      redis-store (~> 1.1.0)
    redis-rails (4.0.0)
      redis-actionpack (~> 4)
      redis-activesupport (~> 4)
      redis-store (~> 1.1.0)
    redis-store (1.1.4)
      redis (>= 2.2)
    remotipart (1.2.1)
    request_store (1.3.1)
    responders (2.3.0)
      railties (>= 4.2.0, < 5.1)
    rest-client (1.8.0)
      http-cookie (>= 1.0.2, < 2.0)
      mime-types (>= 1.16, < 3.0)
      netrc (~> 0.7)
    rollbar (2.11.5)
      multi_json
    roo (2.4.0)
      nokogiri (~> 1)
      rubyzip (~> 1.1, < 2.0.0)
    rqrcode (0.7.0)
      chunky_png
    rspec (3.4.0)
      rspec-core (~> 3.4.0)
      rspec-expectations (~> 3.4.0)
      rspec-mocks (~> 3.4.0)
    rspec-core (3.4.3)
      rspec-support (~> 3.4.0)
    rspec-expectations (3.4.0)
      diff-lcs (>= 1.2.0, < 2.0)
      rspec-support (~> 3.4.0)
    rspec-given (3.7.1)
      given_core (= 3.7.1)
      rspec (>= 2.14.0)
    rspec-mocks (3.4.1)
      diff-lcs (>= 1.2.0, < 2.0)
      rspec-support (~> 3.4.0)
    rspec-rails (3.4.2)
      actionpack (>= 3.0, < 4.3)
      activesupport (>= 3.0, < 4.3)
      railties (>= 3.0, < 4.3)
      rspec-core (~> 3.4.0)
      rspec-expectations (~> 3.4.0)
      rspec-mocks (~> 3.4.0)
      rspec-support (~> 3.4.0)
    rspec-support (3.4.1)
    rubocop (0.36.0)
      parser (>= 2.3.0.0, < 3.0)
      powerpack (~> 0.1)
      rainbow (>= 1.99.1, < 3.0)
      ruby-progressbar (~> 1.7)
    ruby-hmac (0.4.0)
    ruby-prof (0.15.8)
    ruby-progressbar (1.7.5)
    ruby-protocol-buffers (1.6.1)
    ruby-rc4 (0.1.5)
    rubyzip (1.1.7)
    safe_yaml (1.0.4)
    sass (3.2.19)
    sass-rails (4.0.5)
      railties (>= 4.0.0, < 5.0)
      sass (~> 3.2.2)
      sprockets (~> 2.8, < 3.0)
      sprockets-rails (~> 2.0)
    seed-fu (2.3.6)
      activerecord (>= 3.1)
      activesupport (>= 3.1)
    settingslogic (2.0.9)
    shoulda-matchers (2.8.0)
      activesupport (>= 3.0.0)
    sidekiq (4.1.4)
      concurrent-ruby (~> 1.0)
      connection_pool (~> 2.2, >= 2.2.0)
      redis (~> 3.2, >= 3.2.1)
      sinatra (>= 1.4.7)
    sidekiq-failures (0.4.3)
      sidekiq (>= 2.16.0)
    sidekiq-status (0.6.0)
      sidekiq (>= 2.7)
    signet (0.7.2)
      addressable (~> 2.3)
      faraday (~> 0.9)
      jwt (~> 1.5)
      multi_json (~> 1.10)
    simple_captcha2 (0.3.4)
      rails (>= 4.1)
    simple_form (3.2.0)
      actionpack (~> 4.0)
      activemodel (~> 4.0)
    simple_form_object (0.0.8)
      activemodel (~> 4.0)
      activesupport (~> 4.0)
    simplecov (0.10.0)
      docile (~> 1.1.0)
      json (~> 1.8)
      simplecov-html (~> 0.10.0)
    simplecov-html (0.10.0)
    sinatra (1.4.7)
      rack (~> 1.5)
      rack-protection (~> 1.4)
      tilt (>= 1.3, < 3)
    sitemap_generator (5.0.5)
      builder
    slim (3.0.7)
      temple (~> 0.7.6)
      tilt (>= 1.3.3, < 2.1)
    slim-rails (3.1.1)
      actionpack (>= 3.1)
      railties (>= 3.1)
      slim (~> 3.0)
    slop (3.6.0)
    sorcerer (1.0.2)
    spork (1.0.0rc4)
    spring (1.4.1)
    spring-commands-rspec (1.0.4)
      spring (>= 0.9.1)
    sprockets (2.12.4)
      hike (~> 1.2)
      multi_json (~> 1.0)
      rack (~> 1.0)
      tilt (~> 1.1, != 1.3.0)
    sprockets-coffee-react (2.1.0)
      coffee-react (>= 2.1.0)
      coffee-script
      sprockets
      tilt
    sprockets-rails (2.3.3)
      actionpack (>= 3.0)
      activesupport (>= 3.0)
      sprockets (>= 2.8, < 4.0)
    sshkit (1.7.1)
      colorize (>= 0.7.0)
      net-scp (>= 1.1.2)
      net-ssh (>= 2.8.0)
    store_base_sti_class (0.5.0)
      activerecord (>= 3.0.5)
    strip_attributes (1.7.1)
      activemodel (>= 3.0, < 5.0)
    stripe (1.16.0)
      json (~> 1.8.1)
      mime-types (>= 1.25, < 3.0)
      rest-client (~> 1.4)
    stripe-ruby-mock (2.0.0)
      dante (>= 0.2.0)
      jimson-temp
      stripe (>= 1.15.0)
    stub_env (1.0.4)
      rspec (>= 2.0, < 4.0)
    temping (3.3.0)
      activerecord (>= 3.1)
      activesupport (>= 3.1)
    temple (0.7.7)
    terminal-notifier-guard (1.5.3)
    thor (0.19.1)
    thread_safe (0.3.5)
    tilt (1.4.1)
    timecop (0.8.0)
    timeliness (0.3.7)
    timers (4.1.1)
      hitimes
    tinycon-rails (0.0.1)
      railties (>= 3.1)
    tinymce-rails (4.1.3)
      railties (>= 3.1.1)
    tinymce-rails-imageupload (4.0.16.beta)
      railties (>= 3.2, < 5)
      tinymce-rails (~> 4.0)
    tooltipster-rails (3.2.6)
    ttfunk (1.4.0)
    turbolinks (2.5.3)
      coffee-rails
    tzinfo (1.2.2)
      thread_safe (~> 0.1)
    uber (0.0.15)
    uglifier (3.0.2)
      execjs (>= 0.3.0, < 3)
    unf (0.1.4)
      unf_ext
    unf_ext (0.0.7.2)
    unicode-display_width (0.1.1)
    unicorn (4.8.3)
      kgio (~> 2.6)
      rack
      raindrops (~> 0.7)
    uniform_notifier (1.9.0)
    useragent (0.10.0)
    uuidtools (2.1.5)
    validates_timeliness (3.0.14)
      timeliness (~> 0.3.6)
    vcr (2.9.3)
    virtus (1.0.5)
      axiom-types (~> 0.1)
      coercible (~> 1.0)
      descendants_tracker (~> 0.0, >= 0.0.3)
      equalizer (~> 0.0, >= 0.0.9)
    wannabe_bool (0.3.0)
    warden (1.2.6)
      rack (>= 1.0)
    webmock (1.24.3)
      addressable (>= 2.3.6)
      crack (>= 0.3.2)
      hashdiff
    webpack-rails (0.9.5)
      rails (>= 3.2.0)
    websocket-driver (0.6.3)
      websocket-extensions (>= 0.1.0)
    websocket-extensions (0.1.2)
    whenever (0.9.4)
      chronic (>= 0.6.3)
    wicked_pdf (0.11.0)
      rails
    will_paginate (3.0.7)
    will_paginate-bootstrap (1.0.1)
      will_paginate (>= 3.0.3)
    wkhtmltopdf-binary (0.9.9.3)
    xml-simple (1.1.5)
    xpath (2.0.0)
      nokogiri (~> 1.3)
    xray-rails (0.1.21)
      coffee-rails
      rails (>= 3.1.0)
    yaml_db (0.3.0)
      rails (>= 3.0, < 4.3)
      rake (>= 0.8.7)
    yard (0.8.7.6)
    zendesk_api (1.8.0)
      faraday (~> 0.9)
      hashie (>= 1.2, < 4.0, != 3.3.0)
      inflection
      mime-types
      multi_json
      multipart-post (~> 2.0)
    zip-zip (0.3)
      rubyzip (>= 1.0.0)

PLATFORMS
  ruby

DEPENDENCIES
  aasm
  active_model_serializers (~> 0.8.1)
  active_type
  activesupport-json_encoder
  acts_as_list!
  annotate (>= 2.6.0)
  ar-octopus
  awesome_print (~> 1.7.0)
  aws-sdk (< 2)
  axlsx
  barby
  better_errors
  binding_of_caller
  bitmask_attributes
  bootstrap-sass (~> 3.1.1)
  browser
  bullet
  by_star
  c3-rails
  cached_key_value_store
  canonical-rails!
  capistrano
  capistrano-ops_works!
  capistrano-rails
  capistrano-rvm
  capistrano-sidekiq
  capybara
  carmen!
  carrierwave
  carrierwave-aws (~> 0.7.1)
  carrierwave-imageoptimizer
  carrierwave-meta!
  carrierwave-processing
  carrierwave-qiniu!
  carrierwave-serializable
  carrierwave_backgrounder
  cells (~> 3)
  celluloid
  certified
  china_sms!
  codeclimate-test-reporter
  coffee-rails (~> 4.0.0)
  combine_pdf
  commandp-resources!
  compass-960-plugin
  compass-rails
  countries
  d3-rails (~> 3.5.17)
  database_cleaner
  decent_exposure
  devise
  devise-async
  doorkeeper
  doorkeeper-grants_assertion!
  draper
  dropbox-api (~> 0.4.6)
  elasticsearch-api!
  elasticsearch-extensions (~> 0.0.18)!
  elasticsearch-model!
  elasticsearch-rails!
  email_validator
  factory_girl_rails
  fancybox2-rails
  ffaker
  font-awesome-rails
  foreman
  friendly_id (~> 5.1)
  geocoder
  geoip
  globalid
  globalize
  globalize-accessors!
  gon
  google_calendar!
  gretel
  gyoku (~> 1.0)
  hashie
  hashie-forbidden_attributes
  hirb
  hirb-unicode
  http_accept_language
  httparty
  i18n-active_record!
  i18n-js!
  i18n_data
  iconv (~> 1.0, >= 1.0.4)
  igetui-ruby!
  impressionist!
  influxdb (~> 0.2.0)
  jbuilder
  jcrop-rails-v2
  jquery-minicolors-rails
  jquery-rails (~> 3.1.3)
  jquery-turbolinks
  jquery-ui-rails
  jquery-validation-rails
  jquery.fileupload-rails
  judge
  koala (~> 2.3)
  lazy_high_charts
  lazyload-rails
  letter_opener
  lograge
  logstash-logger (~> 0.19.0)
  magnific-popup-rails
  mailgun!
  mailgun_rails
  meta-tags
  mini_magick
  monads
  nested_form_fields
  net-sftp
  netrc
  newrelic_rpm
  nokogiri
  oauth2
  omniauth
  omniauth-facebook
  omniauth-google-oauth2
  omniauth-oauth2 (~> 1.3)
  omniauth-qq-oauth2!
  omniauth-twitter
  omniauth-weibo-oauth2
  paper_trail
  paranoia!
  paypal-sdk-rest
  pg
  pghero
  pingpp
  poltergeist
  poseidon
  prawn
  pre-commit
  premailer-rails
  protobuf
  pry
  pry-nav
  pry-rails
  pry-remote
  pundit
  qiniu (~> 6.4)
  quiet_assets
  rack-cors
  rails (~> 4.2.7)
  rails-assets-eventEmitter
  rails-assets-flux
  rails-assets-fluxxor
  rails-assets-humps
  rails-assets-immutable
  rails-assets-jquery.treeview
  rails-env-favicon
  rails-i18n (~> 4.0.0)
  rails_autolink
  rails_email_preview (~> 0.2.29)
  ransack
  rb-fsevent
  react-rails
  redis-namespace
  redis-objects
  redis-rails
  remotipart
  rollbar (~> 2.11.5)
  roo
  rqrcode
  rspec
  rspec-given
  rspec-rails
  rubocop
  rubyzip
  sass-rails (~> 4.0.0)
  seed-fu (~> 2.3)
  select2-rails!
  settingslogic
  shoulda-matchers
  sidekiq (< 5)
  sidekiq-failures
  sidekiq-status
  simple_captcha2
  simple_form (~> 3.2.0)
  simple_form_object
  simplecov
  sinatra
  sitemap_generator
  slim
  spork-rails!
  spring
  spring-commands-rspec
  sprockets-coffee-react
  store_base_sti_class
  strip_attributes
  stripe
  stripe-ruby-mock (~> 2.0.0)
  stub_env
  temping
  terminal-notifier-guard
  timecop
  tinymce-rails
  tinymce-rails-imageupload (~> 4.0.0.beta)
  tooltipster-rails
  turbolinks (< 5)
  uglifier (>= 1.3.0)
  unicorn
  useragent
  uuidtools
  validates_timeliness (~> 3.0)
  vcr
  virtus
  wannabe_bool
  webmock (~> 1.24.3)
  webpack-rails
  whenever
  wicked_pdf
  will_paginate (~> 3.0)
  will_paginate-bootstrap
  wkhtmltopdf-binary
  x-editable-rails!
  xray-rails
  yaml_db
  yard
  zendesk_api
  zip-zip

BUNDLED WITH
   1.12.5
